GEM
  remote: https://rubygems.org/
  specs:
    gosu (0.15.2)
    power_assert (1.2.0)
    test-unit (3.3.6)
      power_assert

PLATFORMS
  ruby

DEPENDENCIES
  gosu (~> 0.15.2)
  test-unit (~> 3.3.6)

BUNDLED WITH
   1.15.3
